GEM
  remote: https://www.rubygems.org/
  specs:
    influxdb (0.7.0)

PLATFORMS
  ruby

DEPENDENCIES
  influxdb!

BUNDLED WITH
   1.17.3
